PATH
  remote: .
  specs:
    renzel_view_tool (0.1.1)

GEM
  remote: https://rubygems.org/
  specs:
    rake (13.0.3)

PLATFORMS
  ruby

DEPENDENCIES
  bundler (~> 1.16)
  rake (~> 13.0)
  renzel_view_tool!

BUNDLED WITH
   1.16.1
